GEM
  remote: http://rubygems.org/
  specs:
    builder (3.0.0)
    rack (1.3.2)
    rake (0.8.7)
    rdiscount (1.6.8)
    shotgun (0.9)
      rack (>= 1.0)
    toto (0.4.9)
      builder
      rack
      rdiscount

PLATFORMS
  ruby

DEPENDENCIES
  builder
  rake
  rdiscount
  shotgun
  toto
