GEM
  remote: http://rubygems.org/
  specs:
    builder (3.0.0)
    rack (1.4.1)
    rack-rewrite (1.2.1)
    rake (0.9.2.2)
    rdiscount (1.6.8)
    shotgun (0.9)
      rack (>= 1.0)
    toto (0.4.9)
      builder
      rack
      rdiscount

PLATFORMS
  ruby

DEPENDENCIES
  builder
  rack-rewrite
  rake
  rdiscount
  shotgun
  toto
