GEM
  remote: http://rubygems.org/
  specs:
    builder (3.0.0)
    ffi (1.0.9)
    rack (1.3.2)
    rake (0.9.2)
    rdiscount (1.6.8)
    shotgun (0.9)
      rack (>= 1.0)
    toto (0.4.9)
      builder
      rack
      rdiscount
    virtualbox (0.8.6)
      ffi (~> 1.0)

PLATFORMS
  ruby

DEPENDENCIES
  builder
  rake
  rdiscount
  shotgun
  toto
  virtualbox
